GEM
  remote: http://rubygems.org/
  specs:
    nokogiri (1.4.4)
    therubyracer (0.8.0)

PLATFORMS
  ruby

DEPENDENCIES
  nokogiri
  therubyracer
