GEM
  remote: http://rubygems.org/
  specs:
    curb (0.7.9)
    nokogiri (1.4.4)
    therubyracer (0.8.0)

PLATFORMS
  ruby

DEPENDENCIES
  curb
  nokogiri
  therubyracer
